GEM
  remote: https://rubygems.org/
  specs:
    ansi (1.5.0)
    ast (2.4.0)
    blankslate (2.1.2.4)
    hashie (3.6.0)
    itamae (1.10.3)
      ansi
      hashie
      schash (~> 0.1.0)
      specinfra (>= 2.64.0, < 3.0.0)
      thor
    itamae-plugin-recipe-mackerel-agent (0.1.0)
      toml (~> 0.1.2)
    jaro_winkler (1.5.2)
    net-scp (1.2.1)
      net-ssh (>= 2.6.5)
    net-ssh (5.2.0)
    net-telnet (0.1.1)
    parallel (1.14.0)
    parser (2.6.0.0)
      ast (~> 2.4.0)
    parslet (1.5.0)
      blankslate (~> 2.0)
    powerpack (0.1.2)
    psych (3.1.0)
    rainbow (3.0.0)
    rubocop (0.65.0)
      jaro_winkler (~> 1.5.1)
      parallel (~> 1.10)
      parser (>= 2.5, != 2.5.1.1)
      powerpack (~> 0.1)
      psych (>= 3.1.0)
      rainbow (>= 2.2.2, < 4.0)
      ruby-progressbar (~> 1.7)
      unicode-display_width (~> 1.4.0)
    rubocop-junit_formatter (0.2)
      rubocop (~> 0.49)
    ruby-progressbar (1.10.0)
    schash (0.1.2)
    sfl (2.3)
    specinfra (2.76.9)
      net-scp
      net-ssh (>= 2.7)
      net-telnet (= 0.1.1)
      sfl
    thor (0.20.3)
    toml (0.1.2)
      parslet (~> 1.5.0)
    unicode-display_width (1.4.1)

PLATFORMS
  ruby

DEPENDENCIES
  itamae
  itamae-plugin-recipe-mackerel-agent
  rubocop
  rubocop-junit_formatter

BUNDLED WITH
   1.17.2
